GEM
  remote: https://rubygems.org/
  specs:
    chunky_png (1.3.11)
    compass (0.12.2)
      chunky_png (~> 1.2)
      fssm (>= 0.2.7)
      sass (~> 3.1)
    fssm (0.2.10)
    haml (5.0.4)
      temple (>= 0.8.0)
      tilt
    json (2.2.0)
    mustermann (1.0.3)
    pg (1.1.4)
    rack (2.0.7)
    rack-protection (2.0.5)
      rack
    rake (12.3.2)
    sass (3.2.19)
    sequel (5.19.0)
    sinatra (2.0.5)
      mustermann (~> 1.0)
      rack (~> 2.0)
      rack-protection (= 2.0.5)
      tilt (~> 2.0)
    sqlite3 (1.4.0)
    temple (0.8.1)
    tilt (2.0.9)

PLATFORMS
  ruby

DEPENDENCIES
  compass
  haml
  json
  pg
  rake
  sass (~> 3.2.0)
  sequel
  sinatra
  sqlite3

RUBY VERSION
   ruby 2.5.1p57

BUNDLED WITH
   1.16.6
