GEM
  remote: https://rubygems.org/
  specs:
    chunky_png (1.3.10)
    compass (1.0.3)
      chunky_png (~> 1.2)
      compass-core (~> 1.0.2)
      compass-import-once (~> 1.0.5)
      rb-fsevent (>= 0.9.3)
      rb-inotify (>= 0.9)
      sass (>= 3.3.13, < 3.5)
    compass-core (1.0.3)
      multi_json (~> 1.0)
      sass (>= 3.3.0, < 3.5)
    compass-import-once (1.0.5)
      sass (>= 3.2, < 3.5)
    ffi (1.9.25)
    haml (5.0.4)
      temple (>= 0.8.0)
      tilt
    json (2.1.0)
    multi_json (1.13.1)
    mustermann (1.0.2)
    pg (1.0.0)
    rack (2.0.5)
    rack-protection (2.0.3)
      rack
    rake (12.3.1)
    rb-fsevent (0.10.3)
    rb-inotify (0.9.10)
      ffi (>= 0.5.0, < 2)
    sass (3.4.25)
    sequel (5.10.0)
    sinatra (2.0.3)
      mustermann (~> 1.0)
      rack (~> 2.0)
      rack-protection (= 2.0.3)
      tilt (~> 2.0)
    sqlite3 (1.3.13)
    temple (0.8.0)
    tilt (2.0.8)

PLATFORMS
  ruby

DEPENDENCIES
  compass
  haml
  json
  pg
  rake
  sass
  sequel
  sinatra
  sqlite3

RUBY VERSION
   ruby 2.5.1p57

BUNDLED WITH
   1.16.6
