GEM
  remote: https://rubygems.org/
  specs:
    chunky_png (1.3.1)
    compass (0.12.6)
      chunky_png (~> 1.2)
      fssm (>= 0.2.7)
      sass (~> 3.2.19)
    fssm (0.2.10)
    haml (4.0.5)
      tilt
    json (1.8.1)
    pg (0.17.1)
    rack (1.6.9)
    rack-protection (1.5.5)
      rack
    rake (10.3.2)
    sass (3.2.19)
    sequel (4.12.0)
    sinatra (1.4.8)
      rack (~> 1.5)
      rack-protection (~> 1.4)
      tilt (>= 1.3, < 3)
    sqlite3 (1.3.9)
    tilt (2.0.8)

PLATFORMS
  ruby

DEPENDENCIES
  compass
  haml
  json
  pg
  rake
  sass
  sequel
  sinatra
  sqlite3
